GEM
  remote: https://rubygems.org/
  specs:
    actioncable 
      actionpack 
      activesupport 
      nio4r 
      websocket-driver 
    actionmailbox 
      actionpack 
      activejob 
      activerecord 
      activestorage 
      activesupport 
      mail 
      net-imap
      net-pop
      net-smtp
    actionmailer 
      actionpack 
      actionview 
      activejob 
      activesupport 
      mail 
      net-imap
      net-pop
      net-smtp
      rails-dom-testing 
    actionpack 
      actionview 
      activesupport 
      rack 
      rack-test 
      rails-dom-testing 
      rails-html-sanitizer 
    actiontext 
      actionpack 
      activerecord 
      activestorage 
      activesupport 
      globalid 
      nokogiri 
    actionview
      activesupport 
      builder 
      erubi 
      rails-dom-testing 
      rails-html-sanitizer 
    activejob 
      activesupport 
      globalid 
    activemodel 
      activesupport 
    activerecord 
      activemodel 
      activesupport 
    activestorage 
      actionpack 
      activejob 
      activerecord 
      activesupport 
      marcel 
      mini_mime 
    activesupport 
      concurrent-ruby 
      i18n 
      minitest 
      tzinfo 
    bcrypt 
    bcrypt 
    builder 
    concurrent-ruby 
    crass 
    date 
    date 
    debug 
      irb 
      reline 
    devise 
      bcrypt 
      orm_adapter 
      railties 
      responders
      warden
    erubi 
    faker 
      i18n 
    globalid 
      activesupport 
    i18n 
      concurrent-ruby 
    io-console 
    irb 
      reline 
    loofah 
      crass 
      nokogiri 
    mail 
      mini_mime 
      net-imap
      net-pop
      net-smtp
    marcel 
    method_source 
    mini_mime 
    mini_portile2 
    minitest 
    net-imap 
      date
      net-protocol
    net-pop 
      net-protocol
    net-protocol 
      timeout
    net-smtp 
      net-protocol
    nio4r 
    nio4r 
    nokogiri 
      mini_portile2 
      racc 
    nokogiri 
      racc 
    nokogiri 
      racc 
    nokogiri 
      racc 
    orm_adapter 
    puma
      nio4r 
    puma 
      nio4r 
    racc 
    racc 
    rack 
    rack-test
      rack 
    rails 
      actioncable 
      actionmailbox 
      actionmailer 
      actionpack 
      actiontext 
      actionview 
      activejob 
      activemodel 
      activerecord 
      activestorage 
      activesupport 
      bundler 
      railties 
    rails-dom-testing 
      activesupport 
      nokogiri 
    rails-html-sanitizer
      loofah 
    railties 
      actionpack 
      activesupport 
      method_source
      rake 
      thor 
      zeitwerk 
    rake 
    reline 
      io-console 
    responders 
      actionpack 
      railties 
    sqlite3 
      mini_portile2 
    sqlite3 
    thor 
    timeout 
    tzinfo 
      concurrent-ruby 
    tzinfo-data 
      tzinfo 
    warden 
      rack 
    websocket-driver 
      websocket-extensions 
    websocket-driver 
      websocket-extensions 
    websocket-extensions 
    zeitwerk 

PLATFORMS
  java
  ruby
  x64-mingw32
  x86-mingw32
  x86-mswin32

DEPENDENCIES
  bcrypt
  debug
  devise
  faker
  puma 
  rails 
  sqlite3 
  tzinfo-data

RUBY VERSION
   ruby 2.7.4p191

BUNDLED WITH
   2.1.4
